GEM
  remote: http://rubygems.org/
  specs:
    activemodel (3.2.6)
      activesupport (= 3.2.6)
      builder (~> 3.0.0)
    activesupport (3.2.6)
      i18n (~> 0.6)
      multi_json (~> 1.0)
    amatch (0.2.10)
      tins (~> 0.3)
    bson (1.6.4)
    bson_ext (1.6.4)
      bson (~> 1.6.4)
    builder (3.0.0)
    haml (5.0.0)
      temple (>= 0.8.0)
      tilt
    i18n (0.6.0)
    mongo (1.6.2)
      bson (~> 1.6.2)
    mongoid (2.4.11)
      activemodel (~> 3.1)
      mongo (<= 1.6.2)
      tzinfo (~> 0.3.22)
    multi_json (1.3.6)
    rack (1.4.1)
    rack-protection (1.2.0)
      rack
    sinatra (1.3.2)
      rack (~> 1.3, >= 1.3.6)
      rack-protection (~> 1.2)
      tilt (~> 1.3, >= 1.3.3)
    temple (0.8.2)
    tilt (1.3.3)
    tins (0.4.3)
    tzinfo (0.3.33)

PLATFORMS
  ruby
  x86-mingw32

DEPENDENCIES
  amatch
  bson_ext (~> 1.5)
  haml
  mongoid (~> 2.4)
  sinatra
